GEM
  remote: https://rubygems.org/
  specs:
    POpen4 (0.1.4)
      Platform (>= 0.4.0)
      open4
    Platform (0.4.0)
    RedCloth (4.2.9)
    blankslate (3.1.2)
    builder (3.1.3)
    creole (0.3.8)
    diff-lcs (1.1.3)
    escape_utils (0.2.4)
    expression_parser (0.9.0)
    ffi (1.0.11)
    github-markdown (0.5.1)
    github-markup (0.7.4)
    gollum (2.2.1)
      escape_utils (= 0.2.4)
      github-markdown
      github-markup (>= 0.7.0, < 1.0.0)
      grit (~> 2.5.0)
      mustache (>= 0.11.2, < 1.0.0)
      nokogiri (~> 1.4)
      pygments.rb (~> 0.2.0)
      sanitize (~> 2.0.0)
      sinatra (~> 1.0)
      stringex (~> 1.4.0)
      useragent (~> 0.4.9)
    grit (2.5.0)
      diff-lcs (~> 1.1)
      mime-types (~> 1.15)
      posix-spawn (~> 0.3.6)
    jsmin (1.0.1)
    json (1.7.5)
    mime-types (1.19)
    mustache (0.99.4)
    nokogiri (1.5.5)
    open4 (1.3.0)
    org-ruby (0.7.1)
      rubypants (>= 0.2.0)
    posix-spawn (0.3.6)
    pygments.rb (0.2.13)
      rubypython (~> 0.5.3)
    rack (1.4.1)
    rack-protection (1.2.0)
      rack
    rack-test (0.6.1)
      rack (>= 1.0)
    rdoc (3.12)
      json (~> 1.4)
    rubypants (0.2.0)
    rubypython (0.5.3)
      blankslate (>= 2.1.2.3)
      ffi (~> 1.0.7)
    sanitize (2.0.3)
      nokogiri (>= 1.4.4, < 1.6)
    sass (3.2.1)
    sinatra (1.3.3)
      rack (~> 1.3, >= 1.3.6)
      rack-protection (~> 1.2)
      tilt (~> 1.3, >= 1.3.3)
    sinatra-assetpack (0.0.11)
      jsmin
      rack-test
      sinatra
      tilt (>= 1.3.0)
    stringex (1.4.0)
    tilt (1.3.3)
    useragent (0.4.10)
    wikicloth (0.6.0)
      builder
      expression_parser
    yui-compressor (0.9.6)
      POpen4 (>= 0.1.4)

PLATFORMS
  ruby

DEPENDENCIES
  RedCloth
  creole (~> 0.3.6)
  gollum
  org-ruby
  rdoc (~> 3.6)
  sass
  sinatra
  sinatra-assetpack
  wikicloth (= 0.6.0)
  yui-compressor
