GEM
  remote: http://rubygems.org/
  specs:
    POpen4 (0.1.4)
      Platform (>= 0.4.0)
      open4
    Platform (0.4.0)
    RedCloth (4.2.9)
    blankslate (3.1.2)
    builder (3.1.3)
    creole (0.3.8)
    expression_parser (0.9.0)
    ffi (1.0.11)
    github-markdown (0.5.1)
    github-markup (0.7.4)
    jsmin (1.0.1)
    json (1.7.5)
    open4 (1.3.0)
    org-ruby (0.7.1)
      rubypants (>= 0.2.0)
    rack (1.4.1)
    rack-protection (1.2.0)
      rack
    rack-test (0.6.1)
      rack (>= 1.0)
    rake (10.0.2)
    rdoc (3.12)
      json (~> 1.4)
    redcarpet (3.0.0)
    rubypants (0.2.0)
    rubypython (0.5.3)
      blankslate (>= 2.1.2.3)
      ffi (~> 1.0.7)
    sass (3.2.1)
    sinatra (1.3.3)
      rack (~> 1.3, >= 1.3.6)
      rack-protection (~> 1.2)
      tilt (~> 1.3, >= 1.3.3)
    sinatra-assetpack (0.0.11)
      jsmin
      rack-test
      sinatra
      tilt (>= 1.3.0)
    tilt (1.3.3)
    wikicloth (0.6.0)
      builder
      expression_parser
    yui-compressor (0.9.6)
      POpen4 (>= 0.1.4)

PLATFORMS
  ruby

DEPENDENCIES
  RedCloth
  creole (~> 0.3.6)
  github-markdown
  github-markup
  org-ruby
  rake
  rdoc (~> 3.6)
  redcarpet
  rubypython (= 0.5.3)
  sass
  sinatra
  sinatra-assetpack
  wikicloth (= 0.6.0)
  yui-compressor
